GEM
  remote: https://rubygems.org/
  specs:
    RedCloth (4.2.9)
    adsf (1.2.0)
      rack (>= 1.0.0)
    builder (3.2.2)
    colored (1.2)
    cri (2.6.1)
      colored (~> 1.2)
    html_truncator (0.4.1)
      nokogiri (~> 1.5)
    mini_portile2 (2.0.0)
    nanoc (3.6.2)
      cri (~> 2.3)
    nokogiri (1.6.7.2)
      mini_portile2 (~> 2.0.0.rc2)
    rack (1.6.4)
    rainpress (1.0)
    rubypants (0.2.0)
    typogruby (1.0.18)
      rubypants

PLATFORMS
  ruby

DEPENDENCIES
  RedCloth
  adsf
  builder (= 3.2.2)
  cri (= 2.6.1)
  html_truncator (~> 0.2)
  nanoc (= 3.6.2)
  rainpress
  typogruby (= 1.0.18)

BUNDLED WITH
   1.10.6
