GEM
  remote: https://rubygems.org/
  specs:
    RedCloth (4.2.9)
    colored (1.2)
    cri (2.3.0)
      colored (>= 1.2)
    nanoc (3.4.3)
      cri (~> 2.2)
    rubypants (0.2.0)
    typogruby (1.0.15)
      rubypants

PLATFORMS
  ruby

DEPENDENCIES
  RedCloth
  nanoc
  typogruby
