GEM
  remote: https://rubygems.org/
  specs:
    RedCloth (4.2.9)
    adsf (1.1.1)
      rack (>= 1.0.0)
    builder (3.2.0)
    colored (1.2)
    cri (2.3.0)
      colored (>= 1.2)
    nanoc (3.6.2)
      cri (~> 2.3)
    rack (1.5.2)
    rainpress (1.0)
    rubypants (0.2.0)
    typogruby (1.0.15)
      rubypants

PLATFORMS
  ruby

DEPENDENCIES
  RedCloth
  adsf
  builder
  nanoc
  rainpress
  typogruby
